GIT
  remote: https://github.com/jm/matchy.git
  revision: 2e01918ad8d601685386aa9ac5d547ffb9b70b27
  specs:
    matchy (0.3.1)

GEM
  remote: http://rubygems.org/
  specs:
    columnize (0.3.5)
    git (1.2.5)
    jeweler (1.6.4)
      bundler (~> 1.0)
      git (>= 1.2.5)
      rake
    json (1.6.3)
    linecache (0.46)
      rbx-require-relative (> 0.0.4)
    mime-types (1.17.2)
    rake (0.9.2.2)
    rbx-require-relative (0.0.5)
    ruby-debug (0.10.4)
      columnize (>= 0.1)
      ruby-debug-base (~> 0.10.4.0)
    ruby-debug-base (0.10.4)
      linecache (>= 0.3)
    shoulda (2.11.3)
    typhoeus (0.3.3)
      mime-types

PLATFORMS
  ruby

DEPENDENCIES
  jeweler
  json
  matchy!
  ruby-debug
  shoulda
  typhoeus
